GEM
  remote: https://rubygems.org/
  specs:
    faraday (0.15.3)
      multipart-post (>= 1.2, < 3)
    httparty (0.14.0)
      multi_xml (>= 0.5.2)
    jwt (2.1.0)
    multi_json (1.13.1)
    multi_xml (0.6.0)
    multipart-post (2.0.0)
    oauth2 (1.4.1)
      faraday (>= 0.8, < 0.16.0)
      jwt (>= 1.0, < 3.0)
      multi_json (~> 1.3)
      multi_xml (~> 0.5)
      rack (>= 1.2, < 3)
    rack (2.0.6)
    unsplash (1.5.5)
      httparty (~> 0.14.0)
      oauth2 (~> 1)

PLATFORMS
  ruby

DEPENDENCIES
  unsplash

RUBY VERSION
   ruby 2.4.1p111

BUNDLED WITH
   1.17.1
